GEM
  remote: https://rubygems.org/
  specs:
    addressable (2.2.8)
    bigdecimal (3.1.3)
    interact (0.4.8)
    json_pure (1.6.8)
    kgio (2.11.4)
    mime-types (1.25.1)
    mustermann (3.0.0)
      ruby2_keywords (~> 0.0.1)
    rack (2.2.4)
    rack-protection (3.0.5)
      rack
    raindrops (0.20.0)
    rb-readline (0.4.2)
    rest-client (1.6.14)
      mime-types (~> 1.16)
    ruby2_keywords (0.0.5)
    rubyzip (0.9.9)
    sinatra (3.0.5)
      mustermann (~> 3.0)
      rack (~> 2.2, >= 2.2.4)
      rack-protection (= 3.0.5)
      tilt (~> 2.0)
    sys (0.3)
      addressable (~> 2.2.6)
      interact (~> 0.4.0)
      json_pure (>= 1.5.1, < 1.7.0)
      rb-readline (~> 0.4.2)
      rest-client (>= 1.6.1, < 1.7.0)
      rubyzip (~> 0.9.4)
      terminal-table (~> 1.4.2)
      uuidtools (~> 2.1.0)
    terminal-table (1.4.5)
    tilt (2.0.11)
    unicorn (6.1.0)
      kgio (~> 2.6)
      raindrops (~> 0.7)
    uuidtools (2.1.5)

PLATFORMS
  arm64-darwin-22

DEPENDENCIES
  bigdecimal
  sinatra
  sys
  unicorn

RUBY VERSION
   ruby 3.1.3p185

BUNDLED WITH
   2.3.26
