GEM
  remote: https://rubygems.org/
  specs:
    bigdecimal (3.1.3)
    kgio (2.11.4)
    mustermann (3.0.0)
      ruby2_keywords (~> 0.0.1)
    rack (2.2.4)
    rack-protection (3.0.5)
      rack
    raindrops (0.20.0)
    ruby2_keywords (0.0.5)
    sinatra (3.0.5)
      mustermann (~> 3.0)
      rack (~> 2.2, >= 2.2.4)
      rack-protection (= 3.0.5)
      tilt (~> 2.0)
    tilt (2.0.11)
    unicorn (6.1.0)
      kgio (~> 2.6)
      raindrops (~> 0.7)

PLATFORMS
  arm64-darwin-22
  x86_64-linux

DEPENDENCIES
  bigdecimal
  sinatra
  unicorn

RUBY VERSION
   ruby 3.1.3p185

BUNDLED WITH
   2.3.26
