GEM
  remote: https://rubygems.org/
  specs:
    addressable (2.2.8)
    bigdecimal (3.1.3)
    interact (0.4.8)
    json_pure (1.6.8)
    mime-types (1.25.1)
    rb-readline (0.4.2)
    rest-client (1.6.14)
      mime-types (~> 1.16)
    rubyzip (0.9.9)
    sys (0.3)
      addressable (~> 2.2.6)
      interact (~> 0.4.0)
      json_pure (>= 1.5.1, < 1.7.0)
      rb-readline (~> 0.4.2)
      rest-client (>= 1.6.1, < 1.7.0)
      rubyzip (~> 0.9.4)
      terminal-table (~> 1.4.2)
      uuidtools (~> 2.1.0)
    terminal-table (1.4.5)
    uuidtools (2.1.5)

PLATFORMS
  arm64-darwin-22

DEPENDENCIES
  bigdecimal
  sys

RUBY VERSION
   ruby 3.1.3p185

BUNDLED WITH
   2.3.26
